##TITLE= Parameter file, TopSpin 4.0.6
##JCAMPDX= 5.0
##DATATYPE= Parameter Values
##NPOINTS= 73	$$ modification sequence number
##ORIGIN= Bruker BioSpin GmbH
##OWNER= nmr
$$ 2023-05-19 08:17:43.881 -0300  nmr@CZC7197C30
$$ C:/Bruker/TopSpin4.0.6/data/Silvio/Complexo_amarelo/6//specpar
$$ process C:\Bruker\TopSpin4.0.6\prog\mod\acqdataserver.exe
##$ANCIEN= (0..7)
0 0 0 0 0 0 0 0
##$BF1= 100.13
##$BF2= 100.13
##$BF3= 100.13
##$DEC= 1
##$DECB= 1
##$DEF19F= yes
##$DEFRSEL= yes
##$HPMOD= (0..32)
0 0 0 0 0 0 0 0 0 0 0 0 0 0 0 0 0 0 0 0 0 0 0 0 0 0 0 0 0 0 0 0 0
##$HPPRECH= (0..32)
-1 -1 -1 -1 -1 -1 -1 -1 -1 -1 -1 -1 -1 -1 -1 -1 -1 -1 -1 -1 -1 -1 -1 -1
-1 -1 -1 -1 -1 -1 -1 -1 -1
##$HPSELECT= no
##$LOCSW19F= -1
##$LOCSW2H= -1
##$NUC1= 20
##$NUC2= 1
##$NUC3= 0
##$NUC4= 0
##$NUC5= 0
##$NUC6= 0
##$NUC7= 0
##$NUC8= 0
##$NUCARR= (0..123)
600.200000004 600.200000004 92.134354379 640.197171952 457.226213955 88.325948173
233.260509596 84.338981627 64.483435317 192.56801195 150.920410041 43.372354634
60.817737825 81.365854915 564.752254025 47.381564592 158.764303802 36.74205327
156.393267719 119.242856375 242.965413486 46.071352001 58.807049819 48.95066145
28.007570746 15.372952611 40.393634058 145.799065495 33.836479068 33.845500074
59.841794619 157.870293897 33.926280992 148.784886436 19.433143556 142.409898148
53.634178102 159.145868948 170.478965387 37.553331607 144.056126709 183.041217409
20.936866629 102.769929228 114.467221027 31.316767445 150.373987961 162.093121036
23.0932952 57.948967886 196.388164909 26.011599644 29.410988395 55.796380596
146.905972341 39.114589853 39.935477391 135.094972653 27.640116302 30.978536738
19.125054894 27.465752201 24.295009638 27.930505066 127.335310961 133.203436351
131.238261511 131.51959926 196.3779315 213.86481852 223.818373266 143.631323155
77.781220434 157.070791485 189.361713539 120.084930973 166.916736373 49.480013842
78.723084285 59.626610914 66.699793856 79.1921886 84.782097283 183.781240001
32.7109 20.16672 25.02834 20.64688 149.209720001 65.90196 18.42614 24.18806
144.288080001 20.64688 28.929640001 128.082680001 17.28576 49.756580001
105.030834612 28.935642001 68.446808 48.802262001 24.050014 15.107034 71.961579201
25.006654774 135.192649201 136.5551032 13.698550662 46.6079308 10.311436
11.229742 129.023697568 10.377458 107.500753645 39.682721167 342.853446403
346.218395678 125.565435199 96.447866576 11.0520828 21.78726 100 100
##$NUCOFFS= (0..127)
<7Li> <1H> <2H> <13C> <15N> <79Br> <31P> <37Cl> <14N> <89Y> <39K> <11B>
<27Al> <17O> <19F> <183W> <29Si> <23Na> <63Cu> <65Cu> <207Pb> <175Lu> <51V>
<45Sc> <95Mo> <77Se> <6Li> <9Be> <111Cd> <93Nb> <49Ti> <33S> <97Mo> <69Ga>
<176Lu> <35Cl> <125Te> <71Ga> <25Mg> <201Hg> <113Cd> <133Cs> <235U> <137Ba>
<3H> <> <> <> <> <> <> <> <> <> <> <> <> <> <> <> <> <> <> <> <> <> <>
<> <> <> <> <> <> <> <> <> <> <> <> <> <> <> <> <> <> <> <> <> <> <> <>
<> <> <> <> <> <> <> <> <> <> <> <> <> <> <> <> <> <> <> <> <> <> <> <>
<> <> <> <> <> <> <> <> <> <> <> <> <>
##$OBS= 1
##$OFFS= (0..127)
0 174200.39 0 0 0 0 68821.48 0 0 0 0 0 174200.39 0 0 0 68821.48 0 0 0 0
0 0 0 0 0 0 0 0 0 0 0 0 0 0 0 0 0 0 0 0 0 0 0 0 0 0 0 0 0 0 0 0 0 0 0 0
0 0 0 0 0 0 0 0 0 0 0 0 0 0 0 0 0 0 0 0 0 0 0 0 0 0 0 0 0 0 0 0 0 0 0 0
0 0 0 0 0 0 0 0 0 0 0 0 0 0 0 0 0 0 0 0 0 0 0 0 0 0 0 0 0 0 0 0 0 0 0
##$OFFSF= (0..7)
0 0 0 0 0 0 0 0
##$OFFSH= (0..7)
0 0 0 0 0 0 0 0
##$OFFSX= (0..7)
0 0 0 0 0 0 0 0
##$OFFSXAS= (0..7)
0 0 0 0 0 0 0 0
##$OFSF1= 0
##$OFSF2= 0
##$OFSH1= 0
##$OFSH2= 0
##$OFSH3= 0
##$OFSX1= 0
##$OFSX2= 0
##$OFSY= 0
##$PACOIL= (0..32)
0 0 0 0 0 0 0 0 0 0 0 0 0 0 0 0 0 0 0 0 0 0 0 0 0 0 0 0 0 0 0 0 0
##$PRECHAN= (0..32)
-1 0 2 -1 3 -1 -1 -1 -1 -1 -1 -1 -1 -1 -1 -1 -1 -1 -1 -1 -1 -1 -1 -1 -1
-1 -1 -1 -1 -1 -1 -1 -1
##$RECPRE= (0..25)
-1 0 2 3 -1 -1 -1 -1 -1 -1 -1 -1 -1 -1 -1 -1 -1 -1 -1 -1 -1 -1 -1 -1 -1
-1
##$RECPRFX= (0..32)
1 0 1 1 0 0 0 0 0 0 0 0 0 0 0 0 0 0 0 0 0 0 0 0 0 0 0 0 0 0 0 0 0
##$RECSEL= (0..24)
0 1 2 3 0 0 0 0 0 0 0 0 0 0 0 0 0 0 0 0 0 0 0 0 0
##$SELREC= (0..24)
0 0 0 0 0 0 0 0 0 0 0 0 0 0 0 0 0 0 0 0 0 0 0 0 0
##$SFO1= 243.026503
##$SFO2= 600.3742
##$SFO3= 600.2
##$SFO4= 600.209022
##$SFO5= 600.209022
##$SFO6= 600.209022
##$SFO7= 600.209022
##$SFO8= 600.209022
##$TY= (0..123)
0 0 0 0 0 0 0 0 0 0 0 0 0 0 0 0 0 0 0 0 0 0 0 0 0 0 0 0 0 0 0 0 0 0 0 0
0 0 0 0 0 0 0 0 0 0 0 0 0 0 0 0 0 0 0 0 0 0 0 0 0 0 0 0 0 0 0 0 0 0 0 0
0 0 0 0 0 0 0 0 0 0 0 0 0 0 0 0 0 0 0 0 0 0 0 0 0 0 0 0 0 0 0 0 0 0 0 0
0 0 0 0 0 0 0 0 0 0 0 0 0 0 0 0
##END=
